GEM
  remote: http://rubygems.org/
  specs:
    SystemTimer (1.2.1)
    redis (2.1.1)

PLATFORMS
  ruby

DEPENDENCIES
  SystemTimer
  redis
